PATH
  remote: .
  specs:
    yarv (0.1.0)

GEM
  remote: https://rubygems.org/
  specs:
    minitest (5.20.0)
    mutex_m (0.3.0)
    prism (0.14.0)
    rake (13.0.6)

PLATFORMS
  arm64-darwin-22
  arm64-darwin-23

DEPENDENCIES
  bundler
  minitest
  mutex_m
  prism
  rake
  yarv!

BUNDLED WITH
   2.4.13
